GIT
  remote: git://github.com/MeeGoIntegration/amqp.git
  revision: 0aedfff3cf1b612e4fb396391c8846d6e4a95a87
  branch: mer-0.9.7
  specs:
    amqp (0.9.7)
      amq-client (~> 0.9.4)
      amq-protocol (>= 0.9.4)
      eventmachine

GIT
  remote: git://github.com/MeeGoIntegration/ruote-amqp.git
  revision: c49c81f3ef3ace1346201ff5f291e3278f077c8a
  branch: mer-v2.3.0
  specs:
    ruote-amqp (2.3.0)
      amqp (~> 0.9)
      ruote (>= 2.2.1)

GIT
  remote: git://github.com/MeeGoIntegration/ruote-kit.git
  revision: a6d500040eaca55165243b9a80aff398a3a98c6d
  branch: mer-v2.3.0
  specs:
    ruote-kit (2.3.0)
      haml (>= 3.1.4)
      rufus-json (>= 0.2.5)
      sinatra (>= 1.2.0)
      sinatra-respond_to (>= 0.8.0)

GIT
  remote: git://github.com/MeeGoIntegration/ruote.git
  revision: 7afe764fc7e24cece60bbb755e48ec79ca02072b
  branch: mer-v2.3.0
  specs:
    ruote (2.3.0)
      blankslate (>= 2.1.2.4)
      parslet (>= 1.4.0)
      rufus-cloche (>= 1.0.2)
      rufus-dollar (>= 1.0.4)
      rufus-json (>= 1.0.1)
      rufus-mnemo (>= 1.2.2)
      rufus-scheduler (>= 2.0.16)
      rufus-treechecker (>= 1.0.8)
      sourcify (= 0.5.0)

GEM
  remote: http://rubygems.org/
  specs:
    amq-client (0.9.4)
      amq-protocol (>= 0.9.4)
      eventmachine
    amq-protocol (0.9.4)
    blankslate (2.1.2.4)
    diff-lcs (1.1.3)
    eventmachine (0.12.10)
    file-tail (1.0.11)
      tins (~> 0.5.0)
    haml (3.1.7)
    inifile (2.0.0)
    parslet (1.4.0)
      blankslate (~> 2.0)
    rack (1.4.1)
    rack-protection (1.2.0)
      rack
    rspec (2.11.0)
      rspec-core (~> 2.11.0)
      rspec-expectations (~> 2.11.0)
      rspec-mocks (~> 2.11.0)
    rspec-core (2.11.1)
    rspec-expectations (2.11.3)
      diff-lcs (~> 1.1.3)
    rspec-mocks (2.11.2)
    ruby2ruby (1.3.1)
      ruby_parser (~> 2.0)
      sexp_processor (~> 3.0)
    ruby_parser (2.3.1)
      sexp_processor (~> 3.0)
    rufus-cloche (1.0.2)
      rufus-json (>= 1.0.1)
    rufus-dollar (1.0.4)
    rufus-json (1.0.1)
    rufus-mnemo (1.2.3)
    rufus-scheduler (2.0.16)
      tzinfo (>= 0.3.23)
    rufus-treechecker (1.0.8)
      ruby_parser (>= 2.0.5)
    sexp_processor (3.2.0)
    sinatra (1.3.3)
      rack (~> 1.3, >= 1.3.6)
      rack-protection (~> 1.2)
      tilt (~> 1.3, >= 1.3.3)
    sinatra-respond_to (0.8.0)
      sinatra (~> 1.3)
    sourcify (0.5.0)
      file-tail (>= 1.0.5)
      ruby2ruby (>= 1.2.5)
      ruby_parser (>= 2.0.5)
      sexp_processor (>= 3.0.5)
    tilt (1.3.3)
    tins (0.5.3)
    tzinfo (0.3.33)
    yajl-ruby (1.1.0)

PLATFORMS
  ruby

DEPENDENCIES
  amqp!
  inifile
  rspec
  ruote!
  ruote-amqp!
  ruote-kit!
  yajl-ruby
